GEM
  remote: https://rubygems.org/
  specs:
    coderay (1.0.7)
    daemons (1.1.9)
    event_spitter (0.5.0)
    eventmachine (0.12.10)
    faye-websocket (0.4.6)
      eventmachine (>= 0.12.0)
    firmata (0.0.6)
      event_spitter
      serialport (~> 1.1.0)
    method_source (0.8)
    pry (0.9.10)
      coderay (~> 1.0.5)
      method_source (~> 0.8)
      slop (~> 3.3.1)
    rack (1.4.1)
    serialport (1.1.0)
    slop (3.3.3)
    thin (1.4.1)
      daemons (>= 1.0.9)
      eventmachine (>= 0.12.6)
      rack (>= 1.0.0)
    wall_e (0.0.3)
      event_spitter (~> 0.5.0)
      firmata (~> 0.0.6)
      pry (~> 0.9.10)

PLATFORMS
  ruby

DEPENDENCIES
  faye-websocket
  thin
  wall_e
