GEM
  remote: https://rubygems.org/
  specs:
    daemons (1.1.9)
    eventmachine (0.12.10)
    faye-websocket (0.4.6)
      eventmachine (>= 0.12.0)
    kgio (2.7.4)
    rack (1.4.1)
    rainbows (4.4.0)
      kgio (~> 2.5)
      rack (~> 1.1)
      unicorn (~> 4.1)
    raindrops (0.10.0)
    thin (1.4.1)
      daemons (>= 1.0.9)
      eventmachine (>= 0.12.6)
      rack (>= 1.0.0)
    unicorn (4.3.1)
      kgio (~> 2.6)
      rack
      raindrops (~> 0.7)

PLATFORMS
  ruby

DEPENDENCIES
  faye-websocket
  rainbows
  thin
